GEM
  remote: https://rubygems.org/
  specs:
    arraybuffer (0.0.6)
    byebug (11.1.3)
    bzip2-ffi (1.1.0)
      ffi (~> 1.0)
    coderay (1.1.3)
    concurrent-ruby (1.1.10)
    concurrent-ruby-ext (1.1.10)
      concurrent-ruby (= 1.1.10)
    ffi (1.15.5)
    method_source (1.0.0)
    msgpack (1.5.4)
    nokogiri (1.13.8-x86_64-darwin)
      racc (~> 1.4)
    pg (1.4.3)
    pry (0.13.1)
      coderay (~> 1.1)
      method_source (~> 1.0)
    pry-byebug (3.9.0)
      byebug (~> 11.0)
      pry (~> 0.13.0)
    racc (1.6.0)
    redis (4.7.1)
    sequel (5.59.0)
    slop (4.9.2)

PLATFORMS
  x86_64-darwin-20

DEPENDENCIES
  arraybuffer
  bzip2-ffi
  concurrent-ruby
  concurrent-ruby-ext
  msgpack
  nokogiri
  pg
  pry
  pry-byebug
  redis
  sequel
  slop

BUNDLED WITH
   2.3.20
